GIT
  remote: https://github.com/arbarlow/ruby-mp4info.git
  revision: ba04292683188b5f1020aba164eb951e3a835044
  specs:
    mp4info (1.7.3)

GEM
  remote: http://rubygems.org/
  specs:
    addressable (2.6.0)
      public_suffix (>= 2.0.2, < 4.0)
    alsa-rawmidi (0.3.2)
      ffi (~> 1.0)
    byebug (10.0.2)
    childprocess (0.9.0)
      ffi (~> 1.0, >= 1.0.11)
    domain_name (0.5.20180417)
      unf (>= 0.0.5, < 1.0.0)
    ffi (1.10.0)
    ffi-coremidi (0.4.1)
      ffi (~> 1.9, >= 1.9.6)
    highline (2.0.1)
    http (4.1.1)
      addressable (~> 2.3)
      http-cookie (~> 1.0)
      http-form_data (~> 2.0)
      http_parser.rb (~> 0.6.0)
    http-cookie (1.0.3)
      domain_name (~> 0.5)
    http-form_data (2.1.1)
    http_parser.rb (0.6.0)
    midi (0.0.9)
      midi-eye (>= 0.1.3)
      midi-message (>= 0.2.2)
      unimidi (>= 0.2.3)
    midi-eye (0.3.10)
      midi-message (~> 0.4, >= 0.4.4)
      midi-nibbler (~> 0.2, >= 0.2.2)
      unimidi (~> 0.4, >= 0.4.6)
    midi-jruby (0.1.6)
    midi-message (0.4.9)
    midi-nibbler (0.2.4)
      midi-message (~> 0.4, >= 0.4.4)
    midi-winmm (0.1.10)
      ffi (>= 1.0)
    mini_portile2 (2.4.0)
    nokogiri (1.10.1)
      mini_portile2 (~> 2.4.0)
    options (2.3.2)
    progress_bar (1.3.0)
      highline (>= 1.6, < 3)
      options (~> 2.3.0)
    public_suffix (3.1.0)
    ruby-mp3info (0.8.10)
    ruby-progressbar (1.10.1)
    rubyzip (1.2.2)
    selenium-webdriver (3.141.0)
      childprocess (~> 0.5)
      rubyzip (~> 1.2, >= 1.2.2)
    sequel (5.18.0)
    sqlite3 (1.4.0)
    taglib-ruby (0.7.1)
    unf (0.1.4)
      unf_ext
    unf_ext (0.0.7.6)
    unimidi (0.4.8)
      alsa-rawmidi (~> 0.3, >= 0.3.1)
      ffi-coremidi (~> 0.3, >= 0.3.5)
      midi-jruby (~> 0.1, >= 0.1.4)
      midi-winmm (~> 0.1, >= 0.1.10)

PLATFORMS
  ruby

DEPENDENCIES
  byebug
  http
  midi
  mp4info!
  nokogiri
  progress_bar
  ruby-mp3info
  ruby-progressbar
  selenium-webdriver
  sequel
  sqlite3
  taglib-ruby

BUNDLED WITH
   1.17.2
